PATH
  remote: .
  specs:
    sunspot_massive_record (0.0.1)
      massive_record (>= 0.0.1)

GEM
  remote: http://rubygems.org/
  specs:
    activemodel (3.0.3)
      activesupport (= 3.0.3)
      builder (~> 2.1.2)
      i18n (~> 0.4)
    activesupport (3.0.3)
    builder (2.1.2)
    diff-lcs (1.1.2)
    i18n (0.5.0)
    massive_record (0.1.0)
      activemodel
      activesupport
      thrift (>= 0.5.0)
    rspec (2.4.0)
      rspec-core (~> 2.4.0)
      rspec-expectations (~> 2.4.0)
      rspec-mocks (~> 2.4.0)
    rspec-core (2.4.0)
    rspec-expectations (2.4.0)
      diff-lcs (~> 1.1.2)
    rspec-mocks (2.4.0)
    thrift (0.5.0)

PLATFORMS
  ruby

DEPENDENCIES
  massive_record (>= 0.0.1)
  rspec (>= 2.1.0)
  sunspot_massive_record!
