PATH
  remote: .
  specs:
    sunspot_massive_record (0.0.1)
      activesupport
      massive_record (>= 0.0.1)
      sunspot_rails

GEM
  remote: http://rubygems.org/
  specs:
    activemodel (3.0.3)
      activesupport (= 3.0.3)
      builder (~> 2.1.2)
      i18n (~> 0.4)
    activesupport (3.0.3)
    builder (2.1.2)
    diff-lcs (1.1.2)
    escape (0.0.4)
    i18n (0.5.0)
    massive_record (0.1.0)
      activemodel
      activesupport
      thrift (>= 0.5.0)
    pr_geohash (1.0.0)
    rsolr (0.12.1)
      builder (>= 2.1.2)
    rspec (2.4.0)
      rspec-core (~> 2.4.0)
      rspec-expectations (~> 2.4.0)
      rspec-mocks (~> 2.4.0)
    rspec-core (2.4.0)
    rspec-expectations (2.4.0)
      diff-lcs (~> 1.1.2)
    rspec-mocks (2.4.0)
    sunspot (1.2.rc4)
      escape (= 0.0.4)
      pr_geohash (~> 1.0)
      rsolr (= 0.12.1)
    sunspot_rails (1.2.rc4)
      sunspot (= 1.2.rc4)
    thrift (0.5.0)

PLATFORMS
  ruby

DEPENDENCIES
  rspec (>= 2.1.0)
  sunspot_massive_record!
